STORAGE: NONE
RESTRICTION: == net6.0
NUGET
  remote: https://api.nuget.org/v3/index.json
    Argu (6.1.1)
      FSharp.Core (>= 4.3.2)
      System.Configuration.ConfigurationManager (>= 4.4)
    AspNetCore.HealthChecks.NpgSql (5.0.2)
      Microsoft.Extensions.Diagnostics.HealthChecks (>= 5.0.1)
      Npgsql (>= 5.0.3)
    Expecto (9.0.4)
      FSharp.Core (>= 4.6)
      Mono.Cecil (>= 0.11.3)
    Expecto.FsCheck (9.0.4)
      Expecto (>= 9.0.4)
      FsCheck (>= 2.14.3)
    Faithlife.Utility (0.11.2)
    FsCheck (2.16)
      FSharp.Core (>= 4.2.3)
    FSharp.Compiler.Service (40.0.1-preview.21352.5)
      FSharp.Core (5.0.3-beta.21352.5)
      Microsoft.Build.Framework (>= 16.9)
      Microsoft.Build.Tasks.Core (>= 16.9)
      Microsoft.Build.Utilities.Core (>= 16.9)
      System.Buffers (>= 4.5.1)
      System.Collections.Immutable (>= 5.0)
      System.Diagnostics.Process (>= 4.3)
      System.Diagnostics.TraceSource (>= 4.3)
      System.Linq.Expressions (>= 4.3)
      System.Linq.Queryable (>= 4.3)
      System.Memory (>= 4.5.4)
      System.Net.Requests (>= 4.3)
      System.Net.Security (>= 4.3)
      System.Reflection.Emit (>= 4.3)
      System.Reflection.Metadata (>= 5.0)
      System.Reflection.TypeExtensions (>= 4.3)
      System.Runtime (>= 4.3)
      System.Runtime.CompilerServices.Unsafe (>= 5.0)
      System.Runtime.InteropServices (>= 4.3)
      System.Runtime.Loader (>= 4.3)
      System.Security.Claims (>= 4.3)
      System.Security.Cryptography.Algorithms (>= 4.3)
      System.Security.Principal (>= 4.3)
      System.Threading.Tasks.Parallel (>= 4.3)
      System.Threading.Thread (>= 4.3)
      System.Threading.ThreadPool (>= 4.3)
    FSharp.Control.AsyncSeq (3.0.5)
      FSharp.Core (>= 4.3.2)
    FSharp.Core (5.0.3-beta.21352.5)
    FSharpPlus (1.2.1)
      FSharp.Core (>= 4.6.2)
    FSharpx.Async (1.14.1)
      FSharp.Control.AsyncSeq (>= 2.0.21)
      FSharp.Core (>= 4.6.2)
    FSharpx.Collections (2.1.3)
      FSharp.Core (>= 4.3.4)
    FSharpx.Extras (2.5)
      FSharp.Core (>= 4.6.2)
      FSharpx.Async (>= 1.14.1)
      FSharpx.Collections (>= 2.1.2)
      System.Reflection.Emit.Lightweight (>= 4.7)
    FsRegEx (0.7.2)
    Giraffe (5.0)
      FSharp.Core (>= 5.0)
      Giraffe.ViewEngine (>= 1.3)
      Microsoft.IO.RecyclableMemoryStream (>= 1.3.6)
      Newtonsoft.Json (>= 12.0.3)
      Ply (>= 0.3.1)
      System.Text.Json (>= 5.0.2)
      Utf8Json (>= 1.3.7)
    Giraffe.ViewEngine (1.4)
      FSharp.Core (>= 5.0)
    Google.Protobuf (3.17.3)
    Grpc.Core.Api (2.39.1)
      System.Memory (>= 4.5.3)
    Grpc.Net.Client (2.39)
      Grpc.Net.Common (>= 2.39)
      Microsoft.Extensions.Logging.Abstractions (>= 3.0.3)
    Grpc.Net.Common (2.39)
      Grpc.Core.Api (>= 2.39.1)
    Honeycomb.OpenTelemetry (0.12.0-beta)
      Microsoft.Extensions.Configuration.CommandLine (>= 5.0)
      Microsoft.Extensions.Configuration.Json (>= 5.0)
      OpenTelemetry (>= 1.1)
      OpenTelemetry.Exporter.OpenTelemetryProtocol (>= 1.1)
      OpenTelemetry.Extensions.Hosting (>= 1.0.0-rc7)
      OpenTelemetry.Instrumentation.AspNetCore (>= 1.0.0-rc7)
      OpenTelemetry.Instrumentation.GrpcNetClient (>= 1.0.0-rc7)
      OpenTelemetry.Instrumentation.Http (>= 1.0.0-rc7)
      OpenTelemetry.Instrumentation.SqlClient (>= 1.0.0-rc7)
      OpenTelemetry.Instrumentation.StackExchangeRedis (>= 1.0.0-rc7)
    Lib.AspNetCore.ServerTiming (4.1)
    libsodium (1.0.18.1)
    Microsoft.AspNetCore.Http (2.2.2)
      Microsoft.AspNetCore.Http.Abstractions (>= 2.2)
      Microsoft.AspNetCore.WebUtilities (>= 2.2)
      Microsoft.Extensions.ObjectPool (>= 2.2)
      Microsoft.Extensions.Options (>= 2.2)
      Microsoft.Net.Http.Headers (>= 2.2)
    Microsoft.AspNetCore.Http.Abstractions (2.2)
      Microsoft.AspNetCore.Http.Features (>= 2.2)
      System.Text.Encodings.Web (>= 4.5)
    Microsoft.AspNetCore.Http.Features (5.0.9)
      Microsoft.Extensions.Primitives (>= 5.0.1)
      System.IO.Pipelines (>= 5.0.1)
    Microsoft.AspNetCore.JsonPatch (5.0.9)
      Microsoft.CSharp (>= 4.7)
      Newtonsoft.Json (>= 12.0.2)
    Microsoft.AspNetCore.Mvc.NewtonsoftJson (5.0.3)
      Microsoft.AspNetCore.JsonPatch (>= 5.0.3)
      Newtonsoft.Json (>= 12.0.2)
      Newtonsoft.Json.Bson (>= 1.0.2)
    Microsoft.AspNetCore.WebUtilities (2.2)
      Microsoft.Net.Http.Headers (>= 2.2)
      System.Text.Encodings.Web (>= 4.5)
    Microsoft.Build.Framework (16.10)
      System.Security.Permissions (>= 4.7)
    Microsoft.Build.Tasks.Core (16.10)
      Microsoft.Build.Framework (>= 16.10)
      Microsoft.Build.Utilities.Core (>= 16.10)
      Microsoft.NET.StringTools (>= 1.0)
      Microsoft.Win32.Registry (>= 4.3)
      System.CodeDom (>= 4.4)
      System.Collections.Immutable (>= 5.0)
      System.Reflection.Metadata (>= 1.6)
      System.Resources.Extensions (>= 4.6)
      System.Security.Cryptography.Pkcs (>= 4.7)
      System.Security.Cryptography.Xml (>= 4.7)
      System.Security.Permissions (>= 4.7)
      System.Threading.Tasks.Dataflow (>= 4.9)
    Microsoft.Build.Utilities.Core (16.10)
      Microsoft.Build.Framework (>= 16.10)
      Microsoft.NET.StringTools (>= 1.0)
      Microsoft.Win32.Registry (>= 4.3)
      System.Collections.Immutable (>= 5.0)
      System.Configuration.ConfigurationManager (>= 4.7)
      System.Security.Permissions (>= 4.7)
      System.Text.Encoding.CodePages (>= 4.0.1)
    Microsoft.CSharp (4.7)
    Microsoft.Extensions.Configuration (5.0)
      Microsoft.Extensions.Configuration.Abstractions (>= 5.0)
      Microsoft.Extensions.Primitives (>= 5.0)
    Microsoft.Extensions.Configuration.Abstractions (6.0.0-preview.7.21377.19)
      Microsoft.Extensions.Primitives (>= 6.0.0-preview.7.21377.19)
    Microsoft.Extensions.Configuration.Binder (5.0)
      Microsoft.Extensions.Configuration.Abstractions (>= 5.0)
    Microsoft.Extensions.Configuration.CommandLine (5.0)
      Microsoft.Extensions.Configuration (>= 5.0)
      Microsoft.Extensions.Configuration.Abstractions (>= 5.0)
    Microsoft.Extensions.Configuration.FileExtensions (5.0)
      Microsoft.Extensions.Configuration (>= 5.0)
      Microsoft.Extensions.Configuration.Abstractions (>= 5.0)
      Microsoft.Extensions.FileProviders.Abstractions (>= 5.0)
      Microsoft.Extensions.FileProviders.Physical (>= 5.0)
      Microsoft.Extensions.Primitives (>= 5.0)
    Microsoft.Extensions.Configuration.Json (5.0)
      Microsoft.Extensions.Configuration (>= 5.0)
      Microsoft.Extensions.Configuration.Abstractions (>= 5.0)
      Microsoft.Extensions.Configuration.FileExtensions (>= 5.0)
      Microsoft.Extensions.FileProviders.Abstractions (>= 5.0)
    Microsoft.Extensions.DependencyInjection (5.0.2)
      Microsoft.Extensions.DependencyInjection.Abstractions (>= 5.0)
    Microsoft.Extensions.DependencyInjection.Abstractions (6.0.0-preview.7.21377.19)
    Microsoft.Extensions.Diagnostics.HealthChecks (6.0.0-preview.7.21378.6)
      Microsoft.Extensions.Diagnostics.HealthChecks.Abstractions (>= 6.0.0-preview.7.21378.6)
      Microsoft.Extensions.Hosting.Abstractions (>= 6.0.0-preview.7.21377.19)
      Microsoft.Extensions.Logging.Abstractions (>= 6.0.0-preview.7.21377.19)
      Microsoft.Extensions.Options (>= 6.0.0-preview.7.21377.19)
    Microsoft.Extensions.Diagnostics.HealthChecks.Abstractions (6.0.0-preview.7.21378.6)
    Microsoft.Extensions.FileProviders.Abstractions (6.0.0-preview.7.21377.19)
      Microsoft.Extensions.Primitives (>= 6.0.0-preview.7.21377.19)
    Microsoft.Extensions.FileProviders.Physical (5.0)
      Microsoft.Extensions.FileProviders.Abstractions (>= 5.0)
      Microsoft.Extensions.FileSystemGlobbing (>= 5.0)
      Microsoft.Extensions.Primitives (>= 5.0)
    Microsoft.Extensions.FileSystemGlobbing (5.0)
    Microsoft.Extensions.Hosting.Abstractions (6.0.0-preview.7.21377.19)
      Microsoft.Extensions.Configuration.Abstractions (>= 6.0.0-preview.7.21377.19)
      Microsoft.Extensions.DependencyInjection.Abstractions (>= 6.0.0-preview.7.21377.19)
      Microsoft.Extensions.FileProviders.Abstractions (>= 6.0.0-preview.7.21377.19)
    Microsoft.Extensions.Logging (5.0)
      Microsoft.Extensions.DependencyInjection (>= 5.0)
      Microsoft.Extensions.DependencyInjection.Abstractions (>= 5.0)
      Microsoft.Extensions.Logging.Abstractions (>= 5.0)
      Microsoft.Extensions.Options (>= 5.0)
    Microsoft.Extensions.Logging.Abstractions (6.0.0-preview.7.21377.19)
      System.Buffers (>= 4.5.1)
      System.Memory (>= 4.5.4)
    Microsoft.Extensions.Logging.Configuration (5.0)
      Microsoft.Extensions.Configuration (>= 5.0)
      Microsoft.Extensions.Configuration.Abstractions (>= 5.0)
      Microsoft.Extensions.Configuration.Binder (>= 5.0)
      Microsoft.Extensions.DependencyInjection.Abstractions (>= 5.0)
      Microsoft.Extensions.Logging (>= 5.0)
      Microsoft.Extensions.Logging.Abstractions (>= 5.0)
      Microsoft.Extensions.Options (>= 5.0)
      Microsoft.Extensions.Options.ConfigurationExtensions (>= 5.0)
    Microsoft.Extensions.ObjectPool (5.0.9)
    Microsoft.Extensions.Options (6.0.0-preview.7.21377.19)
      Microsoft.Extensions.DependencyInjection.Abstractions (>= 6.0.0-preview.7.21377.19)
      Microsoft.Extensions.Primitives (>= 6.0.0-preview.7.21377.19)
    Microsoft.Extensions.Options.ConfigurationExtensions (5.0)
      Microsoft.Extensions.Configuration.Abstractions (>= 5.0)
      Microsoft.Extensions.Configuration.Binder (>= 5.0)
      Microsoft.Extensions.DependencyInjection.Abstractions (>= 5.0)
      Microsoft.Extensions.Options (>= 5.0)
      Microsoft.Extensions.Primitives (>= 5.0)
    Microsoft.Extensions.Primitives (6.0.0-preview.7.21377.19)
      System.Runtime.CompilerServices.Unsafe (>= 6.0.0-preview.7.21377.19)
    Microsoft.IO.RecyclableMemoryStream (2.1.3)
    Microsoft.Net.Http.Headers (2.2.8)
      Microsoft.Extensions.Primitives (>= 2.2)
      System.Buffers (>= 4.5)
    Microsoft.NET.StringTools (1.0)
      System.Memory (>= 4.5.4)
      System.Runtime.CompilerServices.Unsafe (>= 5.0)
    Microsoft.NETCore.Platforms (5.0.2)
    Microsoft.NETCore.Targets (5.0)
    Microsoft.Win32.Primitives (4.3)
      Microsoft.NETCore.Platforms (>= 1.1)
      Microsoft.NETCore.Targets (>= 1.1)
      System.Runtime (>= 4.3)
    Microsoft.Win32.Registry (5.0)
      System.Security.AccessControl (>= 5.0)
      System.Security.Principal.Windows (>= 5.0)
    Microsoft.Win32.SystemEvents (5.0)
      Microsoft.NETCore.Platforms (>= 5.0)
    Mono.Cecil (0.11.4)
    NaCl.Net (0.1.13)
    Newtonsoft.Json (13.0.1)
    Newtonsoft.Json.Bson (1.0.2)
      Newtonsoft.Json (>= 12.0.1)
    Npgsql (5.0.7)
      System.Runtime.CompilerServices.Unsafe (>= 4.6)
    Npgsql.FSharp (4.0)
      FSharp.Core (>= 4.7.2)
      Npgsql (>= 5.0.3)
      Ply (>= 0.3.1)
    OpenTelemetry (1.2.0-alpha1)
      Microsoft.Extensions.Logging (>= 2.1 < 6.0)
      Microsoft.Extensions.Logging.Configuration (>= 2.1 < 6.0)
      OpenTelemetry.Api (>= 1.2.0-alpha1)
      System.Collections.Immutable (>= 1.4)
      System.Reflection.Emit.Lightweight (>= 4.7)
    OpenTelemetry.Api (1.2.0-alpha1)
      System.Diagnostics.DiagnosticSource (>= 6.0.0-preview.6.21352.12)
      System.Reflection.Emit.Lightweight (>= 4.7)
    OpenTelemetry.Exporter.Console (1.2.0-alpha1)
      OpenTelemetry (>= 1.2.0-alpha1)
    OpenTelemetry.Exporter.OpenTelemetryProtocol (1.2.0-alpha1)
      Google.Protobuf (>= 3.15.5 < 4.0)
      Grpc.Net.Client (>= 2.32 < 3.0)
      OpenTelemetry (>= 1.2.0-alpha1)
    OpenTelemetry.Extensions.Hosting (1.0.0-rc7)
      Microsoft.Extensions.Hosting.Abstractions (>= 2.1 < 6.0)
      OpenTelemetry (>= 1.1)
    OpenTelemetry.Instrumentation.AspNetCore (1.0.0-rc7)
      Microsoft.AspNetCore.Http.Features (>= 2.1.1 < 6.0)
      OpenTelemetry (>= 1.1)
    OpenTelemetry.Instrumentation.GrpcNetClient (1.0.0-rc7)
      OpenTelemetry (>= 1.1)
    OpenTelemetry.Instrumentation.Http (1.0.0-rc7)
      OpenTelemetry (>= 1.1)
    OpenTelemetry.Instrumentation.SqlClient (1.0.0-rc7)
      OpenTelemetry.Api (>= 1.1)
    OpenTelemetry.Instrumentation.StackExchangeRedis (1.0.0-rc7)
      Microsoft.Extensions.Options (>= 2.1 < 6.0)
      OpenTelemetry.Api (>= 1.1)
      StackExchange.Redis (>= 2.1.58 < 3.0)
    Pipelines.Sockets.Unofficial (2.2)
      System.IO.Pipelines (>= 5.0)
    Ply (0.3.1)
      FSharp.Core (>= 4.6.2)
      System.Threading.Tasks.Extensions (>= 4.5.4)
    PusherServer (4.6.1)
      NaCl.Net (>= 0.1.13)
      Newtonsoft.Json (>= 12.0.3)
    Rollbar (4.0.3)
      Newtonsoft.Json (>= 11.0.2)
    Rollbar.AppSettings.Json (4.0.3)
      Microsoft.Extensions.Configuration (>= 2.2)
      Microsoft.Extensions.Configuration.Binder (>= 2.2.4)
      Microsoft.Extensions.Configuration.Json (>= 2.2)
      Microsoft.Extensions.Logging (>= 2.2)
      Rollbar (>= 4.0.3)
    Rollbar.NetCore.AspNet (4.0.3)
      Microsoft.AspNetCore.Http (>= 2.2.2)
      Microsoft.AspNetCore.Http.Abstractions (>= 2.2)
      Rollbar (>= 4.0.3)
      Rollbar.AppSettings.Json (>= 4.0.3)
      Rollbar.NetPlatformExtensions (>= 4.0.3)
    Rollbar.NetPlatformExtensions (4.0.3)
      Microsoft.Extensions.Logging (>= 3.1.3)
      Microsoft.Extensions.Logging.Abstractions (>= 3.1.3)
      Rollbar (>= 4.0.3)
      Rollbar.AppSettings.Json (>= 4.0.3)
    runtime.debian.8-x64.runtime.native.System.Security.Cryptography.OpenSsl (4.3.3)
    runtime.debian.9-x64.runtime.native.System.Security.Cryptography.OpenSsl (4.3.3)
    runtime.fedora.23-x64.runtime.native.System.Security.Cryptography.OpenSsl (4.3.3)
    runtime.fedora.24-x64.runtime.native.System.Security.Cryptography.OpenSsl (4.3.3)
    runtime.fedora.27-x64.runtime.native.System.Security.Cryptography.OpenSsl (4.3.3)
    runtime.fedora.28-x64.runtime.native.System.Security.Cryptography.OpenSsl (4.3.3)
    runtime.native.System (4.3.1)
      Microsoft.NETCore.Platforms (>= 1.1.1)
      Microsoft.NETCore.Targets (>= 1.1.3)
    runtime.native.System.Net.Http (4.3.1)
      Microsoft.NETCore.Platforms (>= 1.1.1)
      Microsoft.NETCore.Targets (>= 1.1.3)
    runtime.native.System.Net.Security (4.3.1)
      Microsoft.NETCore.Platforms (>= 1.1.1)
      Microsoft.NETCore.Targets (>= 1.1.3)
    runtime.native.System.Security.Cryptography.Apple (4.3.1)
      runtime.osx.10.10-x64.runtime.native.System.Security.Cryptography.Apple (>= 4.3.1)
    runtime.native.System.Security.Cryptography.OpenSsl (4.3.3)
      runtime.debian.8-x64.runtime.native.System.Security.Cryptography.OpenSsl (>= 4.3.3)
      runtime.debian.9-x64.runtime.native.System.Security.Cryptography.OpenSsl (>= 4.3.3)
      runtime.fedora.23-x64.runtime.native.System.Security.Cryptography.OpenSsl (>= 4.3.3)
      runtime.fedora.24-x64.runtime.native.System.Security.Cryptography.OpenSsl (>= 4.3.3)
      runtime.fedora.27-x64.runtime.native.System.Security.Cryptography.OpenSsl (>= 4.3.3)
      runtime.fedora.28-x64.runtime.native.System.Security.Cryptography.OpenSsl (>= 4.3.3)
      runtime.opensuse.13.2-x64.runtime.native.System.Security.Cryptography.OpenSsl (>= 4.3.3)
      runtime.opensuse.42.1-x64.runtime.native.System.Security.Cryptography.OpenSsl (>= 4.3.3)
      runtime.opensuse.42.3-x64.runtime.native.System.Security.Cryptography.OpenSsl (>= 4.3.3)
      runtime.osx.10.10-x64.runtime.native.System.Security.Cryptography.OpenSsl (>= 4.3.3)
      runtime.rhel.7-x64.runtime.native.System.Security.Cryptography.OpenSsl (>= 4.3.3)
      runtime.ubuntu.14.04-x64.runtime.native.System.Security.Cryptography.OpenSsl (>= 4.3.3)
      runtime.ubuntu.16.04-x64.runtime.native.System.Security.Cryptography.OpenSsl (>= 4.3.3)
      runtime.ubuntu.16.10-x64.runtime.native.System.Security.Cryptography.OpenSsl (>= 4.3.3)
      runtime.ubuntu.18.04-x64.runtime.native.System.Security.Cryptography.OpenSsl (>= 4.3.3)
    runtime.opensuse.13.2-x64.runtime.native.System.Security.Cryptography.OpenSsl (4.3.3)
    runtime.opensuse.42.1-x64.runtime.native.System.Security.Cryptography.OpenSsl (4.3.3)
    runtime.opensuse.42.3-x64.runtime.native.System.Security.Cryptography.OpenSsl (4.3.3)
    runtime.osx.10.10-x64.runtime.native.System.Security.Cryptography.Apple (4.3.1)
    runtime.osx.10.10-x64.runtime.native.System.Security.Cryptography.OpenSsl (4.3.3)
    runtime.rhel.7-x64.runtime.native.System.Security.Cryptography.OpenSsl (4.3.3)
    runtime.ubuntu.14.04-x64.runtime.native.System.Security.Cryptography.OpenSsl (4.3.3)
    runtime.ubuntu.16.04-x64.runtime.native.System.Security.Cryptography.OpenSsl (4.3.3)
    runtime.ubuntu.16.10-x64.runtime.native.System.Security.Cryptography.OpenSsl (4.3.3)
    runtime.ubuntu.18.04-x64.runtime.native.System.Security.Cryptography.OpenSsl (4.3.3)
    Sodium.Core (1.2.3)
      libsodium (>= 1.0.18)
      System.ValueTuple (>= 4.5)
    StackExchange.Redis (2.2.62)
      Pipelines.Sockets.Unofficial (>= 2.2)
      System.Diagnostics.PerformanceCounter (>= 5.0)
    System.Buffers (4.5.1)
    System.CodeDom (5.0)
    System.Collections (4.3)
      Microsoft.NETCore.Platforms (>= 1.1)
      Microsoft.NETCore.Targets (>= 1.1)
      System.Runtime (>= 4.3)
    System.Collections.Concurrent (4.3)
      System.Collections (>= 4.3)
      System.Diagnostics.Debug (>= 4.3)
      System.Diagnostics.Tracing (>= 4.3)
      System.Globalization (>= 4.3)
      System.Reflection (>= 4.3)
      System.Resources.ResourceManager (>= 4.3)
      System.Runtime (>= 4.3)
      System.Runtime.Extensions (>= 4.3)
      System.Threading (>= 4.3)
      System.Threading.Tasks (>= 4.3)
    System.Collections.Immutable (5.0)
    System.Configuration.ConfigurationManager (5.0)
      System.Security.Cryptography.ProtectedData (>= 5.0)
      System.Security.Permissions (>= 5.0)
    System.Diagnostics.Debug (4.3)
      Microsoft.NETCore.Platforms (>= 1.1)
      Microsoft.NETCore.Targets (>= 1.1)
      System.Runtime (>= 4.3)
    System.Diagnostics.DiagnosticSource (6.0.0-preview.7.21377.19)
      System.Runtime.CompilerServices.Unsafe (>= 6.0.0-preview.7.21377.19)
    System.Diagnostics.PerformanceCounter (5.0.1)
      Microsoft.NETCore.Platforms (>= 5.0.1)
      Microsoft.Win32.Registry (>= 5.0)
      System.Configuration.ConfigurationManager (>= 5.0)
      System.Security.Principal.Windows (>= 5.0)
    System.Diagnostics.Process (4.3)
      Microsoft.NETCore.Platforms (>= 1.1)
      Microsoft.Win32.Primitives (>= 4.3)
      Microsoft.Win32.Registry (>= 4.3)
      runtime.native.System (>= 4.3)
      System.Collections (>= 4.3)
      System.Diagnostics.Debug (>= 4.3)
      System.Globalization (>= 4.3)
      System.IO (>= 4.3)
      System.IO.FileSystem (>= 4.3)
      System.IO.FileSystem.Primitives (>= 4.3)
      System.Resources.ResourceManager (>= 4.3)
      System.Runtime (>= 4.3)
      System.Runtime.Extensions (>= 4.3)
      System.Runtime.Handles (>= 4.3)
      System.Runtime.InteropServices (>= 4.3)
      System.Text.Encoding (>= 4.3)
      System.Text.Encoding.Extensions (>= 4.3)
      System.Threading (>= 4.3)
      System.Threading.Tasks (>= 4.3)
      System.Threading.Thread (>= 4.3)
      System.Threading.ThreadPool (>= 4.3)
    System.Diagnostics.TraceSource (4.3)
      Microsoft.NETCore.Platforms (>= 1.1)
      runtime.native.System (>= 4.3)
      System.Collections (>= 4.3)
      System.Diagnostics.Debug (>= 4.3)
      System.Globalization (>= 4.3)
      System.Resources.ResourceManager (>= 4.3)
      System.Runtime (>= 4.3)
      System.Runtime.Extensions (>= 4.3)
      System.Threading (>= 4.3)
    System.Diagnostics.Tracing (4.3)
      Microsoft.NETCore.Platforms (>= 1.1)
      Microsoft.NETCore.Targets (>= 1.1)
      System.Runtime (>= 4.3)
    System.Drawing.Common (5.0.2)
      Microsoft.Win32.SystemEvents (>= 5.0)
    System.Formats.Asn1 (5.0)
    System.Globalization (4.3)
      Microsoft.NETCore.Platforms (>= 1.1)
      Microsoft.NETCore.Targets (>= 1.1)
      System.Runtime (>= 4.3)
    System.Globalization.Calendars (4.3)
      Microsoft.NETCore.Platforms (>= 1.1)
      Microsoft.NETCore.Targets (>= 1.1)
      System.Globalization (>= 4.3)
      System.Runtime (>= 4.3)
    System.Globalization.Extensions (4.3)
      Microsoft.NETCore.Platforms (>= 1.1)
      System.Globalization (>= 4.3)
      System.Resources.ResourceManager (>= 4.3)
      System.Runtime (>= 4.3)
      System.Runtime.Extensions (>= 4.3)
      System.Runtime.InteropServices (>= 4.3)
    System.IO (4.3)
      Microsoft.NETCore.Platforms (>= 1.1)
      Microsoft.NETCore.Targets (>= 1.1)
      System.Runtime (>= 4.3)
      System.Text.Encoding (>= 4.3)
      System.Threading.Tasks (>= 4.3)
    System.IO.FileSystem (4.3)
      Microsoft.NETCore.Platforms (>= 1.1)
      Microsoft.NETCore.Targets (>= 1.1)
      System.IO (>= 4.3)
      System.IO.FileSystem.Primitives (>= 4.3)
      System.Runtime (>= 4.3)
      System.Runtime.Handles (>= 4.3)
      System.Text.Encoding (>= 4.3)
      System.Threading.Tasks (>= 4.3)
    System.IO.FileSystem.Primitives (4.3)
      System.Runtime (>= 4.3)
    System.IO.Pipelines (5.0.1)
    System.Linq (4.3)
      System.Collections (>= 4.3)
      System.Diagnostics.Debug (>= 4.3)
      System.Resources.ResourceManager (>= 4.3)
      System.Runtime (>= 4.3)
      System.Runtime.Extensions (>= 4.3)
    System.Linq.Expressions (4.3)
      System.Collections (>= 4.3)
      System.Diagnostics.Debug (>= 4.3)
      System.Globalization (>= 4.3)
      System.IO (>= 4.3)
      System.Linq (>= 4.3)
      System.ObjectModel (>= 4.3)
      System.Reflection (>= 4.3)
      System.Reflection.Emit (>= 4.3)
      System.Reflection.Emit.ILGeneration (>= 4.3)
      System.Reflection.Emit.Lightweight (>= 4.3)
      System.Reflection.Extensions (>= 4.3)
      System.Reflection.Primitives (>= 4.3)
      System.Reflection.TypeExtensions (>= 4.3)
      System.Resources.ResourceManager (>= 4.3)
      System.Runtime (>= 4.3)
      System.Runtime.Extensions (>= 4.3)
      System.Threading (>= 4.3)
    System.Linq.Queryable (4.3)
      System.Collections (>= 4.3)
      System.Diagnostics.Debug (>= 4.3)
      System.Linq (>= 4.3)
      System.Linq.Expressions (>= 4.3)
      System.Reflection (>= 4.3)
      System.Reflection.Extensions (>= 4.3)
      System.Resources.ResourceManager (>= 4.3)
      System.Runtime (>= 4.3)
    System.Memory (4.5.4)
    System.Net.Http (4.3.4)
      Microsoft.NETCore.Platforms (>= 1.1.1)
      runtime.native.System (>= 4.3)
      runtime.native.System.Net.Http (>= 4.3)
      runtime.native.System.Security.Cryptography.OpenSsl (>= 4.3.2)
      System.Collections (>= 4.3)
      System.Diagnostics.Debug (>= 4.3)
      System.Diagnostics.DiagnosticSource (>= 4.3)
      System.Diagnostics.Tracing (>= 4.3)
      System.Globalization (>= 4.3)
      System.Globalization.Extensions (>= 4.3)
      System.IO (>= 4.3)
      System.IO.FileSystem (>= 4.3)
      System.Net.Primitives (>= 4.3)
      System.Resources.ResourceManager (>= 4.3)
      System.Runtime (>= 4.3)
      System.Runtime.Extensions (>= 4.3)
      System.Runtime.Handles (>= 4.3)
      System.Runtime.InteropServices (>= 4.3)
      System.Security.Cryptography.Algorithms (>= 4.3)
      System.Security.Cryptography.Encoding (>= 4.3)
      System.Security.Cryptography.OpenSsl (>= 4.3)
      System.Security.Cryptography.Primitives (>= 4.3)
      System.Security.Cryptography.X509Certificates (>= 4.3)
      System.Text.Encoding (>= 4.3)
      System.Threading (>= 4.3)
      System.Threading.Tasks (>= 4.3)
    System.Net.Primitives (4.3.1)
      Microsoft.NETCore.Platforms (>= 1.1.1)
      Microsoft.NETCore.Targets (>= 1.1.3)
      System.Runtime (>= 4.3.1)
      System.Runtime.Handles (>= 4.3)
    System.Net.Requests (4.3)
      Microsoft.NETCore.Platforms (>= 1.1)
      System.Collections (>= 4.3)
      System.Diagnostics.Debug (>= 4.3)
      System.Diagnostics.Tracing (>= 4.3)
      System.Globalization (>= 4.3)
      System.IO (>= 4.3)
      System.Net.Http (>= 4.3)
      System.Net.Primitives (>= 4.3)
      System.Net.WebHeaderCollection (>= 4.3)
      System.Resources.ResourceManager (>= 4.3)
      System.Runtime (>= 4.3)
      System.Threading (>= 4.3)
      System.Threading.Tasks (>= 4.3)
    System.Net.Security (4.3.2)
      Microsoft.NETCore.Platforms (>= 1.1)
      Microsoft.Win32.Primitives (>= 4.3)
      runtime.native.System (>= 4.3)
      runtime.native.System.Net.Security (>= 4.3)
      runtime.native.System.Security.Cryptography.OpenSsl (>= 4.3.2)
      System.Collections (>= 4.3)
      System.Collections.Concurrent (>= 4.3)
      System.Diagnostics.Tracing (>= 4.3)
      System.Globalization (>= 4.3)
      System.Globalization.Extensions (>= 4.3)
      System.IO (>= 4.3)
      System.Net.Primitives (>= 4.3)
      System.Resources.ResourceManager (>= 4.3)
      System.Runtime (>= 4.3)
      System.Runtime.Extensions (>= 4.3)
      System.Runtime.Handles (>= 4.3)
      System.Runtime.InteropServices (>= 4.3)
      System.Security.Claims (>= 4.3)
      System.Security.Cryptography.Algorithms (>= 4.3)
      System.Security.Cryptography.Encoding (>= 4.3)
      System.Security.Cryptography.OpenSsl (>= 4.3)
      System.Security.Cryptography.Primitives (>= 4.3)
      System.Security.Cryptography.X509Certificates (>= 4.3)
      System.Security.Principal (>= 4.3)
      System.Text.Encoding (>= 4.3)
      System.Threading (>= 4.3)
      System.Threading.Tasks (>= 4.3)
      System.Threading.ThreadPool (>= 4.3)
    System.Net.WebHeaderCollection (4.3)
      System.Collections (>= 4.3)
      System.Resources.ResourceManager (>= 4.3)
      System.Runtime (>= 4.3)
      System.Runtime.Extensions (>= 4.3)
    System.ObjectModel (4.3)
      System.Collections (>= 4.3)
      System.Diagnostics.Debug (>= 4.3)
      System.Resources.ResourceManager (>= 4.3)
      System.Runtime (>= 4.3)
      System.Threading (>= 4.3)
    System.Reflection (4.3)
      Microsoft.NETCore.Platforms (>= 1.1)
      Microsoft.NETCore.Targets (>= 1.1)
      System.IO (>= 4.3)
      System.Reflection.Primitives (>= 4.3)
      System.Runtime (>= 4.3)
    System.Reflection.Emit (4.7)
    System.Reflection.Emit.ILGeneration (4.7)
    System.Reflection.Emit.Lightweight (4.7)
    System.Reflection.Extensions (4.3)
      Microsoft.NETCore.Platforms (>= 1.1)
      Microsoft.NETCore.Targets (>= 1.1)
      System.Reflection (>= 4.3)
      System.Runtime (>= 4.3)
    System.Reflection.Metadata (5.0)
    System.Reflection.Primitives (4.3)
      Microsoft.NETCore.Platforms (>= 1.1)
      Microsoft.NETCore.Targets (>= 1.1)
      System.Runtime (>= 4.3)
    System.Reflection.TypeExtensions (4.7)
    System.Resources.Extensions (5.0)
    System.Resources.ResourceManager (4.3)
      Microsoft.NETCore.Platforms (>= 1.1)
      Microsoft.NETCore.Targets (>= 1.1)
      System.Globalization (>= 4.3)
      System.Reflection (>= 4.3)
      System.Runtime (>= 4.3)
    System.Runtime (4.3.1)
      Microsoft.NETCore.Platforms (>= 1.1.1)
      Microsoft.NETCore.Targets (>= 1.1.3)
    System.Runtime.CompilerServices.Unsafe (6.0.0-preview.7.21377.19)
    System.Runtime.Extensions (4.3.1)
      Microsoft.NETCore.Platforms (>= 1.1.1)
      Microsoft.NETCore.Targets (>= 1.1.3)
      System.Runtime (>= 4.3.1)
    System.Runtime.Handles (4.3)
      Microsoft.NETCore.Platforms (>= 1.1)
      Microsoft.NETCore.Targets (>= 1.1)
      System.Runtime (>= 4.3)
    System.Runtime.InteropServices (4.3)
      Microsoft.NETCore.Platforms (>= 1.1)
      Microsoft.NETCore.Targets (>= 1.1)
      System.Reflection (>= 4.3)
      System.Reflection.Primitives (>= 4.3)
      System.Runtime (>= 4.3)
      System.Runtime.Handles (>= 4.3)
    System.Runtime.Loader (4.3)
      System.IO (>= 4.3)
      System.Reflection (>= 4.3)
      System.Runtime (>= 4.3)
    System.Runtime.Numerics (4.3)
      System.Globalization (>= 4.3)
      System.Resources.ResourceManager (>= 4.3)
      System.Runtime (>= 4.3)
      System.Runtime.Extensions (>= 4.3)
    System.Security.AccessControl (5.0)
      Microsoft.NETCore.Platforms (>= 5.0)
      System.Security.Principal.Windows (>= 5.0)
    System.Security.Claims (4.3)
      System.Collections (>= 4.3)
      System.Globalization (>= 4.3)
      System.IO (>= 4.3)
      System.Resources.ResourceManager (>= 4.3)
      System.Runtime (>= 4.3)
      System.Runtime.Extensions (>= 4.3)
      System.Security.Principal (>= 4.3)
    System.Security.Cryptography.Algorithms (4.3.1)
      Microsoft.NETCore.Platforms (>= 1.1)
      runtime.native.System.Security.Cryptography.Apple (>= 4.3.1)
      runtime.native.System.Security.Cryptography.OpenSsl (>= 4.3.2)
      System.Collections (>= 4.3)
      System.IO (>= 4.3)
      System.Resources.ResourceManager (>= 4.3)
      System.Runtime (>= 4.3)
      System.Runtime.Extensions (>= 4.3)
      System.Runtime.Handles (>= 4.3)
      System.Runtime.InteropServices (>= 4.3)
      System.Runtime.Numerics (>= 4.3)
      System.Security.Cryptography.Encoding (>= 4.3)
      System.Security.Cryptography.Primitives (>= 4.3)
      System.Text.Encoding (>= 4.3)
    System.Security.Cryptography.Cng (5.0)
      System.Formats.Asn1 (>= 5.0)
    System.Security.Cryptography.Csp (4.3)
      Microsoft.NETCore.Platforms (>= 1.1)
      System.IO (>= 4.3)
      System.Reflection (>= 4.3)
      System.Resources.ResourceManager (>= 4.3)
      System.Runtime (>= 4.3)
      System.Runtime.Extensions (>= 4.3)
      System.Runtime.Handles (>= 4.3)
      System.Runtime.InteropServices (>= 4.3)
      System.Security.Cryptography.Algorithms (>= 4.3)
      System.Security.Cryptography.Encoding (>= 4.3)
      System.Security.Cryptography.Primitives (>= 4.3)
      System.Text.Encoding (>= 4.3)
      System.Threading (>= 4.3)
    System.Security.Cryptography.Encoding (4.3)
      Microsoft.NETCore.Platforms (>= 1.1)
      runtime.native.System.Security.Cryptography.OpenSsl (>= 4.3)
      System.Collections (>= 4.3)
      System.Collections.Concurrent (>= 4.3)
      System.Linq (>= 4.3)
      System.Resources.ResourceManager (>= 4.3)
      System.Runtime (>= 4.3)
      System.Runtime.Extensions (>= 4.3)
      System.Runtime.Handles (>= 4.3)
      System.Runtime.InteropServices (>= 4.3)
      System.Security.Cryptography.Primitives (>= 4.3)
      System.Text.Encoding (>= 4.3)
    System.Security.Cryptography.OpenSsl (5.0)
      System.Formats.Asn1 (>= 5.0)
    System.Security.Cryptography.Pkcs (5.0.1)
      System.Formats.Asn1 (>= 5.0)
      System.Security.Cryptography.Cng (>= 5.0)
    System.Security.Cryptography.Primitives (4.3)
      System.Diagnostics.Debug (>= 4.3)
      System.Globalization (>= 4.3)
      System.IO (>= 4.3)
      System.Resources.ResourceManager (>= 4.3)
      System.Runtime (>= 4.3)
      System.Threading (>= 4.3)
      System.Threading.Tasks (>= 4.3)
    System.Security.Cryptography.ProtectedData (5.0)
    System.Security.Cryptography.X509Certificates (4.3.2)
      Microsoft.NETCore.Platforms (>= 1.1)
      runtime.native.System (>= 4.3)
      runtime.native.System.Net.Http (>= 4.3)
      runtime.native.System.Security.Cryptography.OpenSsl (>= 4.3.2)
      System.Collections (>= 4.3)
      System.Diagnostics.Debug (>= 4.3)
      System.Globalization (>= 4.3)
      System.Globalization.Calendars (>= 4.3)
      System.IO (>= 4.3)
      System.IO.FileSystem (>= 4.3)
      System.IO.FileSystem.Primitives (>= 4.3)
      System.Resources.ResourceManager (>= 4.3)
      System.Runtime (>= 4.3)
      System.Runtime.Extensions (>= 4.3)
      System.Runtime.Handles (>= 4.3)
      System.Runtime.InteropServices (>= 4.3)
      System.Runtime.Numerics (>= 4.3)
      System.Security.Cryptography.Algorithms (>= 4.3)
      System.Security.Cryptography.Cng (>= 4.3)
      System.Security.Cryptography.Csp (>= 4.3)
      System.Security.Cryptography.Encoding (>= 4.3)
      System.Security.Cryptography.OpenSsl (>= 4.3)
      System.Security.Cryptography.Primitives (>= 4.3)
      System.Text.Encoding (>= 4.3)
      System.Threading (>= 4.3)
    System.Security.Cryptography.Xml (5.0)
      System.Security.Cryptography.Pkcs (>= 5.0)
      System.Security.Permissions (>= 5.0)
    System.Security.Permissions (5.0)
      System.Security.AccessControl (>= 5.0)
      System.Windows.Extensions (>= 5.0)
    System.Security.Principal (4.3)
      System.Runtime (>= 4.3)
    System.Security.Principal.Windows (5.0)
    System.Text.Encoding (4.3)
      Microsoft.NETCore.Platforms (>= 1.1)
      Microsoft.NETCore.Targets (>= 1.1)
      System.Runtime (>= 4.3)
    System.Text.Encoding.CodePages (5.0)
      Microsoft.NETCore.Platforms (>= 5.0)
    System.Text.Encoding.Extensions (4.3)
      Microsoft.NETCore.Platforms (>= 1.1)
      Microsoft.NETCore.Targets (>= 1.1)
      System.Runtime (>= 4.3)
      System.Text.Encoding (>= 4.3)
    System.Text.Encodings.Web (5.0.1)
    System.Text.Json (5.0.2)
    System.Threading (4.3)
      System.Runtime (>= 4.3)
      System.Threading.Tasks (>= 4.3)
    System.Threading.Tasks (4.3)
      Microsoft.NETCore.Platforms (>= 1.1)
      Microsoft.NETCore.Targets (>= 1.1)
      System.Runtime (>= 4.3)
    System.Threading.Tasks.Dataflow (5.0)
    System.Threading.Tasks.Extensions (4.5.4)
    System.Threading.Tasks.Parallel (4.3)
      System.Collections.Concurrent (>= 4.3)
      System.Diagnostics.Debug (>= 4.3)
      System.Diagnostics.Tracing (>= 4.3)
      System.Resources.ResourceManager (>= 4.3)
      System.Runtime (>= 4.3)
      System.Runtime.Extensions (>= 4.3)
      System.Threading (>= 4.3)
      System.Threading.Tasks (>= 4.3)
    System.Threading.Thread (4.3)
      System.Runtime (>= 4.3)
    System.Threading.ThreadPool (4.3)
      System.Runtime (>= 4.3)
      System.Runtime.Handles (>= 4.3)
    System.ValueTuple (4.5)
    System.Windows.Extensions (5.0)
      System.Drawing.Common (>= 5.0)
    Utf8Json (1.3.7)
      System.Reflection.Emit (>= 4.3)
      System.Reflection.Emit.Lightweight (>= 4.3)
      System.Threading.Tasks.Extensions (>= 4.4)
      System.ValueTuple (>= 4.4)

GROUP Wasm
NUGET
  remote: https://api.nuget.org/v3/index.json
    Microsoft.AspNetCore.Authorization (6.0.0-preview.7.21378.6) - restriction: >= net6.0
      Microsoft.AspNetCore.Metadata (>= 6.0.0-preview.7.21378.6) - restriction: || (>= net461) (>= netstandard2.0)
      Microsoft.Extensions.Logging.Abstractions (>= 6.0.0-preview.7.21377.19) - restriction: || (>= net461) (>= netstandard2.0)
      Microsoft.Extensions.Options (>= 6.0.0-preview.7.21377.19) - restriction: || (>= net461) (>= netstandard2.0)
    Microsoft.AspNetCore.Components (6.0.0-preview.7.21378.6) - restriction: >= net6.0
      Microsoft.AspNetCore.Authorization (>= 6.0.0-preview.7.21378.6) - restriction: >= net6.0
      Microsoft.AspNetCore.Components.Analyzers (>= 6.0.0-preview.7.21378.6) - restriction: >= net6.0
    Microsoft.AspNetCore.Components.Analyzers (6.0.0-preview.7.21378.6) - restriction: >= net6.0
    Microsoft.AspNetCore.Components.Forms (6.0.0-preview.7.21378.6) - restriction: >= net6.0
      Microsoft.AspNetCore.Components (>= 6.0.0-preview.7.21378.6) - restriction: >= net6.0
    Microsoft.AspNetCore.Components.Web (6.0.0-preview.7.21378.6) - restriction: >= net6.0
      Microsoft.AspNetCore.Components (>= 6.0.0-preview.7.21378.6) - restriction: >= net6.0
      Microsoft.AspNetCore.Components.Forms (>= 6.0.0-preview.7.21378.6) - restriction: >= net6.0
      Microsoft.Extensions.DependencyInjection (>= 6.0.0-preview.7.21377.19) - restriction: >= net6.0
      Microsoft.JSInterop (>= 6.0.0-preview.7.21378.6) - restriction: >= net6.0
      System.IO.Pipelines (>= 6.0.0-preview.7.21377.19) - restriction: >= net6.0
    Microsoft.AspNetCore.Components.WebAssembly (6.0.0-preview.7.21378.6)
      Microsoft.AspNetCore.Components.Web (>= 6.0.0-preview.7.21378.6) - restriction: >= net6.0
      Microsoft.Extensions.Configuration.Binder (>= 6.0.0-preview.7.21377.19) - restriction: >= net6.0
      Microsoft.Extensions.Configuration.Json (>= 6.0.0-preview.7.21377.19) - restriction: >= net6.0
      Microsoft.Extensions.Logging (>= 6.0.0-preview.7.21377.19) - restriction: >= net6.0
      Microsoft.JSInterop.WebAssembly (>= 6.0.0-preview.7.21378.6) - restriction: >= net6.0
    Microsoft.AspNetCore.Metadata (6.0.0-preview.7.21378.6) - restriction: >= net6.0
    Microsoft.Bcl.AsyncInterfaces (6.0.0-preview.7.21377.19) - restriction: || (&& (>= monoandroid) (>= net6.0) (< netstandard2.0)) (&& (< monoandroid) (>= net6.0) (< netcoreapp2.1)) (&& (< monoandroid) (>= net6.0) (< netcoreapp3.1)) (&& (>= monotouch) (>= net6.0)) (&& (>= net461) (>= net6.0)) (&& (>= net6.0) (< netcoreapp2.0)) (&& (>= net6.0) (>= uap10.1)) (&& (>= net6.0) (>= xamarinios)) (&& (>= net6.0) (>= xamarinmac)) (&& (>= net6.0) (>= xamarintvos)) (&& (>= net6.0) (>= xamarinwatchos))
    Microsoft.Extensions.Configuration (6.0.0-preview.7.21377.19) - restriction: >= net6.0
      Microsoft.Extensions.Configuration.Abstractions (>= 6.0.0-preview.7.21377.19) - restriction: || (>= net461) (>= netstandard2.0)
      Microsoft.Extensions.Primitives (>= 6.0.0-preview.7.21377.19) - restriction: || (>= net461) (>= netstandard2.0)
    Microsoft.Extensions.Configuration.Abstractions (6.0.0-preview.7.21377.19) - restriction: >= net6.0
      Microsoft.Extensions.Primitives (>= 6.0.0-preview.7.21377.19) - restriction: || (>= net461) (>= netstandard2.0)
    Microsoft.Extensions.Configuration.Binder (6.0.0-preview.7.21377.19) - restriction: >= net6.0
      Microsoft.Extensions.Configuration.Abstractions (>= 6.0.0-preview.7.21377.19) - restriction: || (>= net461) (>= netstandard2.0)
    Microsoft.Extensions.Configuration.FileExtensions (6.0.0-preview.7.21377.19) - restriction: >= net6.0
      Microsoft.Extensions.Configuration (>= 6.0.0-preview.7.21377.19) - restriction: || (>= net461) (>= netstandard2.0)
      Microsoft.Extensions.Configuration.Abstractions (>= 6.0.0-preview.7.21377.19) - restriction: || (>= net461) (>= netstandard2.0)
      Microsoft.Extensions.FileProviders.Abstractions (>= 6.0.0-preview.7.21377.19) - restriction: || (>= net461) (>= netstandard2.0)
      Microsoft.Extensions.FileProviders.Physical (>= 6.0.0-preview.7.21377.19) - restriction: || (>= net461) (>= netstandard2.0)
      Microsoft.Extensions.Primitives (>= 6.0.0-preview.7.21377.19) - restriction: || (>= net461) (>= netstandard2.0)
    Microsoft.Extensions.Configuration.Json (6.0.0-preview.7.21377.19) - restriction: >= net6.0
      Microsoft.Extensions.Configuration (>= 6.0.0-preview.7.21377.19) - restriction: || (>= net461) (>= netstandard2.0)
      Microsoft.Extensions.Configuration.Abstractions (>= 6.0.0-preview.7.21377.19) - restriction: || (>= net461) (>= netstandard2.0)
      Microsoft.Extensions.Configuration.FileExtensions (>= 6.0.0-preview.7.21377.19) - restriction: || (>= net461) (>= netstandard2.0)
      Microsoft.Extensions.FileProviders.Abstractions (>= 6.0.0-preview.7.21377.19) - restriction: || (>= net461) (>= netstandard2.0)
      System.Text.Json (>= 6.0.0-preview.7.21377.19) - restriction: || (>= net461) (>= netstandard2.0)
    Microsoft.Extensions.DependencyInjection (6.0.0-preview.7.21377.19) - restriction: >= net6.0
      Microsoft.Extensions.DependencyInjection.Abstractions (>= 6.0.0-preview.7.21377.19) - restriction: || (>= net461) (>= netstandard2.0)
      System.Runtime.CompilerServices.Unsafe (>= 6.0.0-preview.7.21377.19) - restriction: || (>= net461) (>= netstandard2.0)
    Microsoft.Extensions.DependencyInjection.Abstractions (6.0.0-preview.7.21377.19) - restriction: >= net6.0
    Microsoft.Extensions.FileProviders.Abstractions (6.0.0-preview.7.21377.19) - restriction: >= net6.0
      Microsoft.Extensions.Primitives (>= 6.0.0-preview.7.21377.19) - restriction: || (>= net461) (>= netstandard2.0)
    Microsoft.Extensions.FileProviders.Physical (6.0.0-preview.7.21377.19) - restriction: >= net6.0
      Microsoft.Extensions.FileProviders.Abstractions (>= 6.0.0-preview.7.21377.19) - restriction: || (>= net461) (>= netstandard2.0)
      Microsoft.Extensions.FileSystemGlobbing (>= 6.0.0-preview.7.21377.19) - restriction: || (>= net461) (>= netstandard2.0)
      Microsoft.Extensions.Primitives (>= 6.0.0-preview.7.21377.19) - restriction: || (>= net461) (>= netstandard2.0)
    Microsoft.Extensions.FileSystemGlobbing (6.0.0-preview.7.21377.19) - restriction: >= net6.0
    Microsoft.Extensions.Logging (6.0.0-preview.7.21377.19) - restriction: >= net6.0
      Microsoft.Extensions.DependencyInjection (>= 6.0.0-preview.7.21377.19) - restriction: || (>= net461) (>= netstandard2.0)
      Microsoft.Extensions.DependencyInjection.Abstractions (>= 6.0.0-preview.7.21377.19) - restriction: || (>= net461) (>= netstandard2.0)
      Microsoft.Extensions.Logging.Abstractions (>= 6.0.0-preview.7.21377.19) - restriction: || (>= net461) (>= netstandard2.0)
      Microsoft.Extensions.Options (>= 6.0.0-preview.7.21377.19) - restriction: || (>= net461) (>= netstandard2.0)
      System.Diagnostics.DiagnosticSource (>= 6.0.0-preview.7.21377.19) - restriction: || (>= net461) (>= netstandard2.0)
    Microsoft.Extensions.Logging.Abstractions (6.0.0-preview.7.21377.19) - restriction: >= net6.0
      System.Buffers (>= 4.5.1) - restriction: || (>= net461) (>= netstandard2.0)
      System.Memory (>= 4.5.4) - restriction: || (>= net461) (>= netstandard2.0)
    Microsoft.Extensions.Options (6.0.0-preview.7.21377.19) - restriction: >= net6.0
      Microsoft.Extensions.DependencyInjection.Abstractions (>= 6.0.0-preview.7.21377.19) - restriction: || (>= net461) (>= netstandard2.0)
      Microsoft.Extensions.Primitives (>= 6.0.0-preview.7.21377.19) - restriction: || (>= net461) (>= netstandard2.0)
    Microsoft.Extensions.Primitives (6.0.0-preview.7.21377.19) - restriction: >= net6.0
      System.Runtime.CompilerServices.Unsafe (>= 6.0.0-preview.7.21377.19) - restriction: || (>= net461) (>= netstandard2.0)
    Microsoft.JSInterop (6.0.0-preview.7.21378.6) - restriction: >= net6.0
    Microsoft.JSInterop.WebAssembly (6.0.0-preview.7.21378.6) - restriction: >= net6.0
      Microsoft.JSInterop (>= 6.0.0-preview.7.21378.6) - restriction: >= net6.0
    System.Buffers (4.5.1) - restriction: >= net6.0
    System.Diagnostics.DiagnosticSource (6.0.0-preview.7.21377.19) - restriction: >= net6.0
      System.Runtime.CompilerServices.Unsafe (>= 6.0.0-preview.7.21377.19) - restriction: || (&& (>= monoandroid) (< netstandard2.0)) (&& (< monoandroid) (>= netcoreapp2.1) (< xamarinios) (< xamarinmac) (< xamarintvos) (< xamarinwatchos)) (>= monotouch) (>= net461) (>= net5.0) (&& (< netcoreapp2.1) (>= netstandard2.0) (< xamarinios) (< xamarinmac) (< xamarintvos) (< xamarinwatchos)) (&& (< netcoreapp2.1) (>= xamarinios)) (&& (< netcoreapp2.1) (>= xamarinmac)) (&& (< netstandard2.0) (>= xamarintvos)) (&& (< netstandard2.0) (>= xamarinwatchos))
    System.IO.Pipelines (6.0.0-preview.7.21377.19) - restriction: >= net6.0
      System.Buffers (>= 4.5.1) - restriction: || (&& (>= monoandroid) (< netstandard2.0)) (>= monotouch) (>= net461) (&& (< netcoreapp2.0) (>= netstandard2.0)) (>= xamarinios) (>= xamarinmac) (>= xamarintvos) (>= xamarinwatchos)
    System.Memory (4.5.4) - restriction: >= net6.0
      System.Buffers (>= 4.5.1) - restriction: || (&& (>= monoandroid) (< netstandard1.1)) (&& (< monoandroid) (< net45) (>= netstandard1.1) (< netstandard2.0) (< win8) (< wpa81)) (&& (< monoandroid) (< netstandard1.1) (>= portable-net45+win8+wpa81) (< win8)) (>= monotouch) (&& (>= net45) (< netstandard2.0)) (&& (< net45) (< netcoreapp2.0) (>= netstandard2.0)) (>= net461) (&& (< netstandard1.1) (>= win8)) (&& (< netstandard2.0) (< uap10.1) (>= wpa81)) (>= xamarinios) (>= xamarinmac) (>= xamarintvos) (>= xamarinwatchos)
      System.Runtime.CompilerServices.Unsafe (>= 4.5.3) - restriction: || (&& (>= monoandroid) (< netstandard1.1)) (&& (< monoandroid) (< net45) (>= netstandard1.1) (< netstandard2.0) (< win8) (< wpa81)) (&& (< monoandroid) (>= netcoreapp2.0) (< netcoreapp2.1)) (&& (< monoandroid) (< netstandard1.1) (>= portable-net45+win8+wpa81) (< win8)) (>= monotouch) (&& (>= net45) (< netstandard2.0)) (&& (< net45) (< netcoreapp2.0) (>= netstandard2.0)) (>= net461) (&& (< netstandard1.1) (>= win8)) (&& (< netstandard2.0) (>= wpa81)) (>= uap10.1) (>= xamarinios) (>= xamarinmac) (>= xamarintvos) (>= xamarinwatchos)
    System.Runtime.CompilerServices.Unsafe (6.0.0-preview.7.21377.19) - restriction: >= net6.0
    System.Text.Encodings.Web (6.0.0-preview.7.21377.19) - restriction: >= net6.0
      System.Buffers (>= 4.5.1) - restriction: || (&& (>= monoandroid) (< netstandard2.0)) (>= monotouch) (>= net461) (&& (< netcoreapp2.0) (>= netstandard2.0)) (>= xamarinios) (>= xamarinmac) (>= xamarintvos) (>= xamarinwatchos)
      System.Runtime.CompilerServices.Unsafe (>= 6.0.0-preview.7.21377.19) - restriction: || (&& (>= monoandroid) (< netstandard2.0)) (&& (< monoandroid) (>= netcoreapp2.0) (< netcoreapp2.1)) (&& (< monoandroid) (>= netcoreapp2.1)) (>= monotouch) (>= net461) (&& (< netcoreapp2.0) (>= netstandard2.0)) (>= netcoreapp3.1) (>= uap10.1) (>= xamarinios) (>= xamarinmac) (>= xamarintvos) (>= xamarinwatchos)
    System.Text.Json (6.0.0-preview.7.21377.19) - restriction: >= net6.0
      Microsoft.Bcl.AsyncInterfaces (>= 6.0.0-preview.7.21377.19) - restriction: || (&& (>= monoandroid) (< netstandard2.0)) (&& (< monoandroid) (>= netcoreapp2.0) (< netcoreapp2.1)) (&& (< monoandroid) (>= netcoreapp2.1) (< netcoreapp3.1)) (>= monotouch) (>= net461) (&& (< netcoreapp2.0) (>= netstandard2.0)) (>= uap10.1) (>= xamarinios) (>= xamarinmac) (>= xamarintvos) (>= xamarinwatchos)
      System.Buffers (>= 4.5.1) - restriction: || (&& (>= monoandroid) (< netstandard2.0)) (>= monotouch) (>= net461) (&& (< netcoreapp2.0) (>= netstandard2.0)) (>= xamarinios) (>= xamarinmac) (>= xamarintvos) (>= xamarinwatchos)
      System.Runtime.CompilerServices.Unsafe (>= 6.0.0-preview.7.21377.19) - restriction: || (&& (>= monoandroid) (< netstandard2.0)) (&& (< monoandroid) (>= netcoreapp2.0) (< netcoreapp2.1)) (&& (< monoandroid) (>= netcoreapp2.1)) (>= monotouch) (>= net461) (&& (< netcoreapp2.0) (>= netstandard2.0)) (>= netcoreapp3.1) (>= uap10.1) (>= xamarinios) (>= xamarinmac) (>= xamarintvos) (>= xamarinwatchos)
      System.Text.Encodings.Web (>= 6.0.0-preview.7.21377.19) - restriction: || (&& (>= monoandroid) (< netstandard2.0)) (&& (< monoandroid) (>= netcoreapp2.0) (< netcoreapp2.1)) (&& (< monoandroid) (>= netcoreapp2.1)) (>= monotouch) (>= net461) (&& (< netcoreapp2.0) (>= netstandard2.0)) (>= netcoreapp3.1) (>= uap10.1) (>= xamarinios) (>= xamarinmac) (>= xamarintvos) (>= xamarinwatchos)
